GEM
  remote: https://rubygems.org/
  specs:
    CFPropertyList (2.3.1)
    SyslogLogger (2.0)
    abstract_type (0.0.7)
    actionmailer (4.2.3)
      actionpack (= 4.2.3)
      actionview (= 4.2.3)
      activejob (= 4.2.3)
      mail (~> 2.5, >= 2.5.4)
      rails-dom-testing (~> 1.0, >= 1.0.5)
    actionpack (4.2.3)
      actionview (= 4.2.3)
      activesupport (= 4.2.3)
      rack (~> 1.6)
      rack-test (~> 0.6.2)
      rails-dom-testing (~> 1.0, >= 1.0.5)
      rails-html-sanitizer (~> 1.0, >= 1.0.2)
    actionview (4.2.3)
      activesupport (= 4.2.3)
      builder (~> 3.1)
      erubis (~> 2.7.0)
      rails-dom-testing (~> 1.0, >= 1.0.5)
      rails-html-sanitizer (~> 1.0, >= 1.0.2)
    activejob (4.2.3)
      activesupport (= 4.2.3)
      globalid (>= 0.3.0)
    activemodel (4.2.3)
      activesupport (= 4.2.3)
      builder (~> 3.1)
    activerecord (4.2.3)
      activemodel (= 4.2.3)
      activesupport (= 4.2.3)
      arel (~> 6.0)
    activesupport (4.2.3)
      i18n (~> 0.7)
      json (~> 1.7, >= 1.7.7)
      minitest (~> 5.1)
      thread_safe (~> 0.3, >= 0.3.4)
      tzinfo (~> 1.1)
    acts-as-taggable-on (3.5.0)
      activerecord (>= 3.2, < 5)
    acts_as_commentable (4.0.2)
    acts_as_list (0.7.2)
      activerecord (>= 3.0)
    acts_as_tenant (0.3.9)
      rails (>= 3.1)
      request_store (>= 1.0.5)
    adamantium (0.2.0)
      ice_nine (~> 0.11.0)
      memoizable (~> 0.4.0)
    addressable (2.3.8)
    ancestry (2.1.0)
      activerecord (>= 3.0.0)
    ansi (1.5.0)
    ar-octopus (0.8.5)
      activerecord (>= 3.2.0)
      activesupport (>= 3.2.0)
    arel (6.0.2)
    arrayfields (4.9.2)
    asset_sync (1.1.0)
      activemodel
      fog (>= 1.8.0)
      unf
    ast (2.0.0)
    attribute_choices (1.0.2)
      activerecord
      activesupport
    aws-sdk (2.1.7)
      aws-sdk-resources (= 2.1.7)
    aws-sdk-core (2.1.7)
      jmespath (~> 1.0)
    aws-sdk-resources (2.1.7)
      aws-sdk-core (= 2.1.7)
    axiom-types (0.1.1)
      descendants_tracker (~> 0.0.4)
      ice_nine (~> 0.11.0)
      thread_safe (~> 0.3, >= 0.3.1)
    bartt-ssl_requirement (1.4.2)
    bcrypt (3.1.10)
    browser (0.8.0)
    buftok (0.2.0)
    builder (3.2.2)
    bullet (4.14.7)
      activesupport (>= 3.0.0)
      uniform_notifier (~> 1.9.0)
    cancan (1.6.10)
    cane (2.6.2)
      parallel
    capybara (2.4.4)
      mime-types (>= 1.16)
      nokogiri (>= 1.3.3)
      rack (>= 1.0.0)
      rack-test (>= 0.5.4)
      xpath (~> 2.0)
    cartesian (0.6.7)
    cells (4.0.2)
      tilt (>= 1.4, < 3)
      uber (~> 0.0.9)
    childprocess (0.5.6)
      ffi (~> 1.0, >= 1.0.11)
    choice (0.2.0)
    chronic (0.10.2)
    churn (0.0.35)
      chronic (>= 0.2.3)
      hirb
      json_pure
      main
      rest-client (>= 1.6.0)
      ruby_parser (~> 3.0)
      sexp_processor (~> 4.1)
    ci_reporter (2.0.0)
      builder (>= 2.1.2)
    ckeditor_rails (4.5.1)
      railties (>= 3.0)
    climate_control (0.0.3)
      activesupport (>= 3.0)
    cocaine (0.5.7)
      climate_control (>= 0.0.3, < 1.0)
    code_analyzer (0.4.5)
      sexp_processor
    code_metrics (0.1.3)
    coderay (1.1.0)
    coercible (1.0.0)
      descendants_tracker (~> 0.0.1)
    coffee-rails (4.1.0)
      coffee-script (>= 2.2.0)
      railties (>= 4.0.0, < 5.0)
    coffee-script (2.4.1)
      coffee-script-source
      execjs
    coffee-script-source (1.9.1.1)
    colored (1.2)
    concord (0.1.5)
      adamantium (~> 0.2.0)
      equalizer (~> 0.0.9)
    configatron (4.5.0)
    country-select (1.1.1)
    cssminify (1.0.2)
    cucumber (1.3.20)
      builder (>= 2.1.2)
      diff-lcs (>= 1.1.3)
      gherkin (~> 2.12)
      multi_json (>= 1.7.5, < 2.0)
      multi_test (>= 0.1.2)
    cucumber-rails (1.4.2)
      capybara (>= 1.1.2, < 3)
      cucumber (>= 1.3.8, < 2)
      mime-types (>= 1.16, < 3)
      nokogiri (~> 1.5)
      rails (>= 3, < 5)
    curb (0.8.8)
    daemons (1.2.3)
    database_cleaner (1.4.1)
    delayed_paperclip (2.9.1)
      paperclip (>= 3.3)
    descendants_tracker (0.0.4)
      thread_safe (~> 0.3, >= 0.3.1)
    devise (3.5.1)
      bcrypt (~> 3.0)
      orm_adapter (~> 0.1)
      railties (>= 3.2.6, < 5)
      responders
      thread_safe (~> 0.1)
      warden (~> 1.2.3)
    devise-async (0.10.1)
      devise (~> 3.2)
    diff-lcs (1.2.5)
    diffy (3.0.7)
    docile (1.1.5)
    domain_name (0.5.24)
      unf (>= 0.0.5, < 1.0.0)
    email_spec (1.6.0)
      launchy (~> 2.1)
      mail (~> 2.2)
    encryptor (1.3.0)
    equalizer (0.0.11)
    erubis (2.7.0)
    eventmachine (1.0.7)
    exception_notification (4.1.1)
      actionmailer (>= 3.0.4)
      activesupport (>= 3.0.4)
    excon (0.45.4)
    execjs (2.5.2)
    fabrication (2.13.2)
    faker (1.4.3)
      i18n (~> 0.5)
    fakeweb (1.3.0)
    faraday (0.9.1)
      multipart-post (>= 1.2, < 3)
    faraday_middleware (0.10.0)
      faraday (>= 0.7.4, < 0.10)
    fastercsv (1.5.5)
    fattr (2.2.2)
    feedjira (2.0.0)
      faraday (~> 0.9)
      faraday_middleware (~> 0.9)
      loofah (~> 2.0)
      sax-machine (~> 1.0)
    ffi (1.9.10)
    fission (0.5.0)
      CFPropertyList (~> 2.2)
    flay (2.6.1)
      ruby_parser (~> 3.0)
      sexp_processor (~> 4.0)
    flog (4.3.2)
      ruby_parser (~> 3.1, > 3.1.0)
      sexp_processor (~> 4.4)
    fog (1.32.0)
      fog-atmos
      fog-aws (>= 0.6.0)
      fog-brightbox (~> 0.4)
      fog-core (~> 1.32)
      fog-ecloud (= 0.1.1)
      fog-google (>= 0.0.2)
      fog-json
      fog-local
      fog-powerdns (>= 0.1.1)
      fog-profitbricks
      fog-radosgw (>= 0.0.2)
      fog-riakcs
      fog-sakuracloud (>= 0.0.4)
      fog-serverlove
      fog-softlayer
      fog-storm_on_demand
      fog-terremark
      fog-vmfusion
      fog-voxel
      fog-xml (~> 0.1.1)
      ipaddress (~> 0.5)
      nokogiri (~> 1.5, >= 1.5.11)
    fog-atmos (0.1.0)
      fog-core
      fog-xml
    fog-aws (0.7.3)
      fog-core (~> 1.27)
      fog-json (~> 1.0)
      fog-xml (~> 0.1)
      ipaddress (~> 0.8)
    fog-brightbox (0.8.0)
      fog-core (~> 1.22)
      fog-json
      inflecto (~> 0.0.2)
    fog-core (1.32.0)
      builder
      excon (~> 0.45)
      formatador (~> 0.2)
      mime-types
      net-scp (~> 1.1)
      net-ssh (>= 2.1.3)
    fog-ecloud (0.1.1)
      fog-core
      fog-xml
    fog-google (0.0.7)
      fog-core
      fog-json
      fog-xml
    fog-json (1.0.2)
      fog-core (~> 1.0)
      multi_json (~> 1.10)
    fog-local (0.2.1)
      fog-core (~> 1.27)
    fog-powerdns (0.1.1)
      fog-core (~> 1.27)
      fog-json (~> 1.0)
      fog-xml (~> 0.1)
    fog-profitbricks (0.0.3)
      fog-core
      fog-xml
      nokogiri
    fog-radosgw (0.0.4)
      fog-core (>= 1.21.0)
      fog-json
      fog-xml (>= 0.0.1)
    fog-riakcs (0.1.0)
      fog-core
      fog-json
      fog-xml
    fog-sakuracloud (1.0.1)
      fog-core
      fog-json
    fog-serverlove (0.1.2)
      fog-core
      fog-json
    fog-softlayer (0.4.7)
      fog-core
      fog-json
    fog-storm_on_demand (0.1.1)
      fog-core
      fog-json
    fog-terremark (0.1.0)
      fog-core
      fog-xml
    fog-vmfusion (0.1.0)
      fission
      fog-core
    fog-voxel (0.1.0)
      fog-core
      fog-xml
    fog-xml (0.1.2)
      fog-core
      nokogiri (~> 1.5, >= 1.5.11)
    formatador (0.2.5)
    formtastic (3.1.3)
      actionpack (>= 3.2.13)
    friendly_id (5.1.0)
      activerecord (>= 4.0.0)
    gelf (1.4.0)
      json
    geocoder (1.2.9)
    get_process_mem (0.2.0)
    gherkin (2.12.2)
      multi_json (~> 1.3)
    globalid (0.3.5)
      activesupport (>= 4.1.0)
    grape (0.12.0)
      activesupport
      builder
      hashie (>= 2.1.0)
      multi_json (>= 1.3.2)
      multi_xml (>= 0.5.2)
      rack (>= 1.3.0)
      rack-accept
      rack-mount
      virtus (>= 1.0.0)
    haml (4.0.6)
      tilt
    hashie (3.4.2)
    headless (2.1.0)
    hirb (0.7.3)
    htmlentities (4.3.4)
    http (0.6.4)
      http_parser.rb (~> 0.6.0)
    http-cookie (1.0.2)
      domain_name (~> 0.5)
    http_parser.rb (0.6.0)
    httparty (0.13.5)
      json (~> 1.8)
      multi_xml (>= 0.5.2)
    i18n (0.7.0)
    ice_nine (0.11.1)
    index_tree (0.0.5)
      activerecord (>= 3.0.0)
    inflecto (0.0.2)
    ipaddress (0.8.0)
    jbuilder (2.3.1)
      activesupport (>= 3.0.0, < 5)
      multi_json (~> 1.2)
    jmespath (1.0.2)
      multi_json (~> 1.0)
    jquery-fileupload-rails (0.4.5)
      actionpack (>= 3.1)
      railties (>= 3.1)
      sass (>= 3.2)
    jquery-rails (4.0.4)
      rails-dom-testing (~> 1.0)
      railties (>= 4.2.0)
      thor (>= 0.14, < 2.0)
    jquery_file_download-rails (0.0.2)
      railties (>= 3.1.0)
    json (1.8.3)
    json_builder (3.1.7)
      activesupport (>= 2.0.0)
      json
    json_pure (1.8.2)
    jwt (1.5.1)
    kgio (2.9.3)
    koala (2.0.0)
      addressable
      faraday
      multi_json
    launchy (2.4.3)
      addressable (~> 2.3)
    libv8 (3.16.14.11)
    logstash-event (1.2.02)
    logstash-logger (0.10.2)
      logstash-event (~> 1.2)
      stud
    loofah (2.0.2)
      nokogiri (>= 1.5.9)
    machinist (2.0)
    mail (2.6.3)
      mime-types (>= 1.16, < 3)
    main (6.1.0)
      arrayfields (>= 4.7.4)
      chronic (>= 0.6.2)
      fattr (>= 2.2.0)
      map (>= 5.1.0)
    map (6.5.5)
    markable (0.1.4)
      rails (>= 3.1)
    memoizable (0.4.2)
      thread_safe (~> 0.3, >= 0.3.1)
    metric_fu (4.12.0)
      cane (~> 2.5, >= 2.5.2)
      churn (~> 0.0.35)
      code_metrics (~> 0.1)
      coderay
      flay (~> 2.1, >= 2.0.1)
      flog (~> 4.1, >= 4.1.1)
      launchy (~> 2.0)
      metric_fu-Saikuro (~> 1.1, >= 1.1.3)
      multi_json
      rails_best_practices (~> 1.14, >= 1.14.3)
      redcard
      reek (>= 1.3.4, < 3.0)
      roodi (~> 3.1)
    metric_fu-Saikuro (1.1.3)
    mime-types (2.6.1)
    mimemagic (0.3.0)
    mini_portile (0.6.2)
    minitest (5.7.0)
    minitest-capybara (0.7.2)
      capybara (~> 2.2)
      minitest (~> 5.0)
      rake
    minitest-metadata (0.5.3)
      minitest (>= 4.7, < 6.0)
    minitest-rails (2.2.0)
      minitest (~> 5.7)
      railties (~> 4.1)
    minitest-rails-capybara (2.1.1)
      capybara (~> 2.0)
      minitest-capybara (~> 0.7.0)
      minitest-metadata (~> 0.5.0)
      minitest-rails (~> 2.1)
    mono_logger (1.1.0)
    monogamy (0.0.2)
      activerecord (>= 3.2)
    multi_json (1.11.2)
    multi_test (0.1.2)
    multi_xml (0.5.5)
    multipart-post (2.0.0)
    naught (1.0.0)
    nested_form (0.3.2)
    nested_set (1.7.1)
      activerecord (>= 3.0.0)
      railties (>= 3.0.0)
    net-scp (1.2.1)
      net-ssh (>= 2.6.5)
    net-ssh (2.9.2)
    netrc (0.10.3)
    newrelic_rpm (3.12.1.298)
    nokogiri (1.6.6.2)
      mini_portile (~> 0.6.0)
    nori (2.6.0)
    oauth (0.4.7)
    oauth2 (1.0.0)
      faraday (>= 0.8, < 0.10)
      jwt (~> 1.0)
      multi_json (~> 1.3)
      multi_xml (~> 0.5)
      rack (~> 1.2)
    omniauth (1.2.2)
      hashie (>= 1.2, < 4)
      rack (~> 1.0)
    omniauth-facebook (2.0.1)
      omniauth-oauth2 (~> 1.2)
    omniauth-oauth (1.1.0)
      oauth
      omniauth (~> 1.0)
    omniauth-oauth2 (1.3.1)
      oauth2 (~> 1.0)
      omniauth (~> 1.2)
    omniauth-shibboleth (1.2.1)
      omniauth (>= 1.0.0)
    omniauth-twitter (1.2.0)
      json (~> 1.3)
      omniauth-oauth (~> 1.1)
    orm_adapter (0.5.0)
    paper_trail (3.0.8)
      activerecord (>= 3.0, < 5.0)
      activesupport (>= 3.0, < 5.0)
    paperclip (4.3.0)
      activemodel (>= 3.2.0)
      activesupport (>= 3.2.0)
      cocaine (~> 0.5.5)
      mime-types
      mimemagic (= 0.3.0)
    parallel (1.6.0)
    parser (2.2.2.6)
      ast (>= 1.1, < 3.0)
    pg (0.18.2)
    procto (0.0.2)
    protected_attributes (1.1.3)
      activemodel (>= 4.0.1, < 5.0)
    quiet_assets (1.1.0)
      railties (>= 3.1, < 5.0)
    rack (1.6.4)
    rack-accept (0.4.5)
      rack (>= 0.4)
    rack-mount (0.8.3)
      rack (>= 1.0.0)
    rack-p3p (0.5.0)
      rack (>= 1.0.1)
    rack-protection (1.5.3)
      rack
    rack-test (0.6.3)
      rack (>= 1.0)
    rack-uri_sanitizer (0.0.2)
    rails (4.2.3)
      actionmailer (= 4.2.3)
      actionpack (= 4.2.3)
      actionview (= 4.2.3)
      activejob (= 4.2.3)
      activemodel (= 4.2.3)
      activerecord (= 4.2.3)
      activesupport (= 4.2.3)
      bundler (>= 1.3.0, < 2.0)
      railties (= 4.2.3)
      sprockets-rails
    rails-deprecated_sanitizer (1.0.3)
      activesupport (>= 4.2.0.alpha)
    rails-dom-testing (1.0.6)
      activesupport (>= 4.2.0.beta, < 5.0)
      nokogiri (~> 1.6.0)
      rails-deprecated_sanitizer (>= 1.0.1)
    rails-erd (1.4.1)
      activerecord (>= 3.2)
      activesupport (>= 3.2)
      choice (~> 0.2.0)
      ruby-graphviz (~> 1.2)
    rails-footnotes (4.1.7)
      rails (>= 3.2)
    rails-html-sanitizer (1.0.2)
      loofah (~> 2.0)
    rails3-jquery-autocomplete (1.0.15)
      rails (>= 3.2)
    rails_best_practices (1.15.7)
      activesupport
      code_analyzer (>= 0.4.3)
      colored
      erubis
      i18n
      json
      require_all
      ruby-progressbar
    railties (4.2.3)
      actionpack (= 4.2.3)
      activesupport (= 4.2.3)
      rake (>= 0.8.7)
      thor (>= 0.18.1, < 2.0)
    rainbow (2.0.0)
    raindrops (0.14.0)
    rake (10.4.2)
    rdoc (4.2.0)
    recaptcha (0.4.0)
    redcard (1.1.0)
    redis (3.2.1)
    redis-actionpack (4.0.0)
      actionpack (~> 4)
      redis-rack (~> 1.5.0)
      redis-store (~> 1.1.0)
    redis-activesupport (4.1.0)
      activesupport (~> 4)
      redis-store (~> 1.1.0)
    redis-namespace (1.5.2)
      redis (~> 3.0, >= 3.0.4)
    redis-rack (1.5.0)
      rack (~> 1.5)
      redis-store (~> 1.1.0)
    redis-rails (4.0.0)
      redis-actionpack (~> 4)
      redis-activesupport (~> 4)
      redis-store (~> 1.1.0)
    redis-store (1.1.6)
      redis (>= 2.2)
    reek (2.2.1)
      parser (~> 2.2)
      rainbow (~> 2.0)
      unparser (~> 0.2.2)
    ref (2.0.0)
    remotipart (1.2.1)
    request_store (1.2.0)
    require_all (1.3.2)
    responders (2.1.0)
      railties (>= 4.2.0, < 5)
    resque (1.25.2)
      mono_logger (~> 1.0)
      multi_json (~> 1.0)
      redis-namespace (~> 1.3)
      sinatra (>= 0.9.2)
      vegas (~> 0.1.2)
    resque-scheduler (4.0.0)
      mono_logger (~> 1.0)
      redis (~> 3.0)
      resque (~> 1.25)
      rufus-scheduler (~> 3.0)
    resque_mailer (2.2.7)
      actionmailer (>= 3.0)
    rest-client (1.8.0)
      http-cookie (>= 1.0.2, < 2.0)
      mime-types (>= 1.16, < 3.0)
      netrc (~> 0.7)
    roo (2.1.0)
      nokogiri (~> 1)
      rubyzip (~> 1.1, < 2.0.0)
    roodi (3.3.1)
      ruby_parser (~> 3.2, >= 3.2.2)
    route_downcaser (1.1.4)
    rspec-core (3.3.2)
      rspec-support (~> 3.3.0)
    rspec-expectations (3.3.1)
      diff-lcs (>= 1.2.0, < 2.0)
      rspec-support (~> 3.3.0)
    rspec-mocks (3.3.2)
      diff-lcs (>= 1.2.0, < 2.0)
      rspec-support (~> 3.3.0)
    rspec-rails (3.3.3)
      actionpack (>= 3.0, < 4.3)
      activesupport (>= 3.0, < 4.3)
      railties (>= 3.0, < 4.3)
      rspec-core (~> 3.3.0)
      rspec-expectations (~> 3.3.0)
      rspec-mocks (~> 3.3.0)
      rspec-support (~> 3.3.0)
    rspec-support (3.3.0)
    ruby-graphviz (1.2.2)
    ruby-ole (1.2.11.8)
    ruby-progressbar (1.7.5)
    rubyXL (3.3.10)
      nokogiri (>= 1.4.4)
      rubyzip (>= 1.1.6)
    ruby_parser (3.7.0)
      sexp_processor (~> 4.1)
    rubyzip (1.1.7)
    rufus-scheduler (3.1.3)
    sass (3.4.16)
    sass-rails (5.0.3)
      railties (>= 4.0.0, < 5.0)
      sass (~> 3.1)
      sprockets (>= 2.8, < 4.0)
      sprockets-rails (>= 2.0, < 4.0)
      tilt (~> 1.1)
    sax-machine (1.3.2)
    selenium-webdriver (2.46.2)
      childprocess (~> 0.5)
      multi_json (~> 1.0)
      rubyzip (~> 1.0)
      websocket (~> 1.0)
    sendgrid (1.2.0)
      json
    sendgrid_toolkit (1.4.0)
      httparty (>= 0.7.6)
    sexp_processor (4.6.0)
    silent-postgres (0.1.1)
    simple-navigation (4.0.3)
      activesupport (>= 2.3.2)
    simple_oauth (0.3.1)
    simplecov (0.10.0)
      docile (~> 1.1.0)
      json (~> 1.8)
      simplecov-html (~> 0.10.0)
    simplecov-html (0.10.0)
    simplecov-rcov (0.2.3)
      simplecov (>= 0.4.1)
    sinatra (1.4.6)
      rack (~> 1.4)
      rack-protection (~> 1.4)
      tilt (>= 1.3, < 3)
    slim (3.0.6)
      temple (~> 0.7.3)
      tilt (>= 1.3.3, < 2.1)
    slim-rails (3.0.1)
      actionmailer (>= 3.1, < 5.0)
      actionpack (>= 3.1, < 5.0)
      activesupport (>= 3.1, < 5.0)
      railties (>= 3.1, < 5.0)
      slim (~> 3.0)
    spreadsheet (1.0.4)
      ruby-ole (>= 1.0)
    sprockets (3.2.0)
      rack (~> 1.0)
    sprockets-rails (2.3.2)
      actionpack (>= 3.0)
      activesupport (>= 3.0)
      sprockets (>= 2.8, < 4.0)
    statistics2 (0.54)
    stud (0.0.20)
    temple (0.7.6)
    textacular (3.2.2)
      activerecord (>= 3.0, < 5.0)
    the_sortable_tree (2.5.0)
      rails (>= 3.1)
    themes_for_rails (0.5.1)
      rails (>= 3.0.0)
    therubyracer (0.12.2)
      libv8 (~> 3.16.14.0)
      ref
    thin (1.6.3)
      daemons (~> 1.0, >= 1.0.9)
      eventmachine (~> 1.0)
      rack (~> 1.0)
    thor (0.19.1)
    thread_safe (0.3.5)
    thumbs_up (0.6.7)
      activerecord
      statistics2
    tilt (1.4.1)
    timeliness (0.3.7)
    tinymce-rails (4.1.6)
      railties (>= 3.1.1)
    turbo-sprockets-rails3 (0.2.9)
      railties (>= 3.1.0)
      sprockets (>= 2.0.0)
    turn (0.9.6)
      ansi
    twitter (5.14.0)
      addressable (~> 2.3)
      buftok (~> 0.2.0)
      equalizer (~> 0.0.9)
      faraday (~> 0.9.0)
      http (~> 0.6.0)
      http_parser.rb (~> 0.6.0)
      json (~> 1.8)
      memoizable (~> 0.4.0)
      naught (~> 1.0)
      simple_oauth (~> 0.3.0)
    tzinfo (1.2.2)
      thread_safe (~> 0.1)
    uber (0.0.13)
    uglifier (2.7.1)
      execjs (>= 0.3.0)
      json (>= 1.8.0)
    unf (0.1.4)
      unf_ext
    unf_ext (0.0.7.1)
    unicorn (4.9.0)
      kgio (~> 2.6)
      rack
      raindrops (~> 0.7)
    unicorn-rails (2.2.0)
      rack
      unicorn
    unicorn-worker-killer (0.4.3)
      get_process_mem (~> 0)
      unicorn (~> 4)
    uniform_notifier (1.9.0)
    unparser (0.2.4)
      abstract_type (~> 0.0.7)
      adamantium (~> 0.2.0)
      concord (~> 0.1.5)
      diff-lcs (~> 1.2.5)
      equalizer (~> 0.0.9)
      parser (~> 2.2.2)
      procto (~> 0.0.2)
    validates_timeliness (3.0.14)
      timeliness (~> 0.3.6)
    vegas (0.1.11)
      rack (>= 1.0.0)
    virtus (1.0.5)
      axiom-types (~> 0.1)
      coercible (~> 1.0)
      descendants_tracker (~> 0.0, >= 0.0.3)
      equalizer (~> 0.0, >= 0.0.9)
    warden (1.2.3)
      rack (>= 1.0)
    wash_out (0.9.2)
      nori (>= 2.0.0)
    webrat (0.7.3)
      nokogiri (>= 1.2.0)
      rack (>= 1.0)
      rack-test (>= 0.5.3)
    websocket (1.2.2)
    wicked_pdf (0.11.0)
      rails
    will_paginate (3.0.7)
    workflow (1.2.0)
    xpath (2.0.0)
      nokogiri (~> 1.3)
    zip (2.0.2)

PLATFORMS
  ruby

DEPENDENCIES
  SyslogLogger
  acts-as-taggable-on
  acts_as_commentable
  acts_as_list
  acts_as_tenant
  ancestry
  ar-octopus
  asset_sync
  attribute_choices
  aws-sdk
  bartt-ssl_requirement
  browser
  bullet
  cancan
  capybara
  cartesian
  cells
  ci_reporter
  ckeditor_rails
  coffee-rails
  configatron
  country-select
  cssminify
  cucumber
  cucumber-rails
  curb
  database_cleaner
  delayed_paperclip
  devise
  devise-async
  diffy
  email_spec
  encryptor
  exception_notification
  execjs
  fabrication
  faker
  fakeweb
  fastercsv
  feedjira
  formtastic
  friendly_id
  gelf
  geocoder
  grape
  haml
  headless
  htmlentities
  index_tree
  jbuilder
  jquery-fileupload-rails
  jquery-rails
  jquery_file_download-rails
  json_builder
  kgio
  koala
  launchy
  logstash-logger
  machinist
  markable
  metric_fu
  mime-types
  minitest
  minitest-rails
  minitest-rails-capybara
  monogamy
  nested_form
  nested_set
  netrc
  newrelic_rpm
  omniauth
  omniauth-facebook
  omniauth-shibboleth
  omniauth-twitter
  paper_trail
  paperclip
  pg
  protected_attributes
  quiet_assets
  rack-p3p
  rack-uri_sanitizer
  rails (= 4.2.3)
  rails-erd
  rails-footnotes
  rails3-jquery-autocomplete
  raindrops
  rdoc
  recaptcha
  redis-rails
  remotipart
  resque
  resque-scheduler
  resque_mailer
  rest-client
  roo
  route_downcaser
  rspec-rails
  ruby-ole
  rubyXL
  sass-rails
  selenium-webdriver
  sendgrid
  sendgrid_toolkit
  silent-postgres
  simple-navigation
  simplecov
  simplecov-rcov
  slim-rails
  spreadsheet
  textacular
  the_sortable_tree
  themes_for_rails
  therubyracer
  thin
  thumbs_up
  tinymce-rails
  turbo-sprockets-rails3
  turn
  twitter
  uglifier
  unicorn
  unicorn-rails
  unicorn-worker-killer
  validates_timeliness
  wash_out
  webrat
  wicked_pdf
  will_paginate
  workflow
  zip

BUNDLED WITH
   1.10.5
